GEM
  remote: https://rubygems.org/
  specs:
    config_env (0.1.0)
    daemons (1.2.3)
    eventmachine (1.0.7)
    kramdown (1.5.0)
    mini_portile (0.6.2)
    newrelic_rpm (3.12.1.298)
    nokogiri (1.6.6.2)
      mini_portile (~> 0.6.0)
    rack (1.6.4)
    rack-protection (1.5.3)
      rack
    rack-ssl-enforcer (0.2.8)
    rake (10.4.2)
    sinatra (1.4.6)
      rack (~> 1.4)
      rack-protection (~> 1.4)
      tilt (>= 1.3, < 3)
    slim (3.0.6)
      temple (~> 0.7.3)
      tilt (>= 1.3.3, < 2.1)
    temple (0.7.6)
    thin (1.6.3)
      daemons (~> 1.0, >= 1.0.9)
      eventmachine (~> 1.0)
      rack (~> 1.0)
    tilt (2.0.1)

PLATFORMS
  ruby

DEPENDENCIES
  config_env
  kramdown
  newrelic_rpm
  nokogiri
  rack-ssl-enforcer
  rake
  sinatra
  slim
  thin

RUBY VERSION
   ruby 2.2.0p0

BUNDLED WITH
   1.13.6
